PATH
  remote: ../
  specs:
    mason (0.0.3)

GEM
  specs:

PLATFORMS
  ruby

DEPENDENCIES
  mason!

BUNDLED WITH
   1.11.2
