PATH
  remote: ../
  specs:
    mason (0.0.6)

GEM
  specs:

PLATFORMS
  ruby

DEPENDENCIES
  mason!

BUNDLED WITH
   1.12.5
