PATH
  remote: ../
  specs:
    mason (0.0.4)

GEM
  specs:

PLATFORMS
  ruby

DEPENDENCIES
  mason!

BUNDLED WITH
   1.12.4
