PATH
  remote: ../
  specs:
    mason (0.0.2)

GEM
  specs:

PLATFORMS
  ruby

DEPENDENCIES
  mason!
